PATH
  remote: .
  specs:
    blastramp (0.0.11)

GEM
  remote: http://rubygems.org/
  specs:
    activesupport (3.0.8)
    builder (3.0.0)
    diff-lcs (1.1.2)
    gyoku (0.4.4)
      builder (>= 2.1.2)
    httpi (0.9.5)
      rack
    mocha (0.9.12)
    nokogiri (1.5.0)
    nori (1.0.2)
    rack (1.3.1)
    rspec (2.3.0)
      rspec-core (~> 2.3.0)
      rspec-expectations (~> 2.3.0)
      rspec-mocks (~> 2.3.0)
    rspec-core (2.3.1)
    rspec-expectations (2.3.0)
      diff-lcs (~> 1.1.2)
    rspec-mocks (2.3.0)
    savon (0.9.3)
      builder (>= 2.1.2)
      gyoku (>= 0.4.0)
      httpi (~> 0.9)
      nokogiri (>= 1.4.0)
      nori (~> 1.0)
    savon_spec (0.1.6)
      mocha (>= 0.9.8)
      rspec (>= 2.0.0)
      savon (>= 0.8.0)

PLATFORMS
  ruby

DEPENDENCIES
  activesupport (~> 3.0.3)
  blastramp!
  mocha (~> 0.9.8)
  rspec (~> 2.3.0)
  savon (= 0.9.3)
  savon_spec (~> 0.1.6)
