PATH
  remote: .
  specs:
    blastramp (0.0.2)

GEM
  remote: http://rubygems.org/
  specs:
    builder (3.0.0)
    crack (0.1.8)
    diff-lcs (1.1.2)
    gyoku (0.4.4)
      builder (>= 2.1.2)
    httpi (0.9.4)
      pyu-ntlm-http (>= 0.1.3.1)
      rack
    mocha (0.9.12)
    pyu-ntlm-http (0.1.3.1)
    rack (1.3.0)
    rspec (2.3.0)
      rspec-core (~> 2.3.0)
      rspec-expectations (~> 2.3.0)
      rspec-mocks (~> 2.3.0)
    rspec-core (2.3.1)
    rspec-expectations (2.3.0)
      diff-lcs (~> 1.1.2)
    rspec-mocks (2.3.0)
    savon (0.8.6)
      builder (>= 2.1.2)
      crack (~> 0.1.8)
      gyoku (>= 0.3.0)
      httpi (>= 0.7.8)
    savon_spec (0.1.6)
      mocha (>= 0.9.8)
      rspec (>= 2.0.0)
      savon (>= 0.8.0)

PLATFORMS
  ruby

DEPENDENCIES
  blastramp!
  mocha (~> 0.9.8)
  rspec (~> 2.3.0)
  savon (~> 0.8.0.beta.3)
  savon_spec (~> 0.1.6)
